PATH
  remote: .
  specs:
    shipstation (0.2.2)
      rest-client (~> 2)

GEM
  remote: https://rubygems.org/
  specs:
    domain_name (0.5.20160826)
      unf (>= 0.0.5, < 1.0.0)
    http-cookie (1.0.3)
      domain_name (~> 0.5)
    mime-types (1.25.1)
    netrc (0.11.0)
    rest-client (2.0.0)
      http-cookie (>= 1.0.2, < 2.0)
      mime-types (>= 1.16, < 4.0)
      netrc (~> 0.8)
    unf (0.1.3)
      unf_ext
    unf_ext (0.0.6)

PLATFORMS
  ruby

DEPENDENCIES
  shipstation!

BUNDLED WITH
   1.13.2
